GEM
  remote: https://rubygems.org/
  specs:
    coderay (1.1.3)
    faraday (1.4.1)
      faraday-excon (~> 1.1)
      faraday-net_http (~> 1.0)
      faraday-net_http_persistent (~> 1.1)
      multipart-post (>= 1.2, < 3)
      ruby2_keywords (>= 0.0.4)
    faraday-excon (1.1.0)
    faraday-net_http (1.0.1)
    faraday-net_http_persistent (1.1.0)
    jsonrpc-client (0.1.3)
      faraday
      multi_json (>= 1.1.0)
    method_source (1.0.0)
    multi_json (1.15.0)
    multipart-post (2.1.1)
    pry (0.14.1)
      coderay (~> 1.1)
      method_source (~> 1.0)
    ruby2_keywords (0.0.4)

PLATFORMS
  ruby
  x86_64-linux

DEPENDENCIES
  jsonrpc-client
  pry

BUNDLED WITH
   2.2.16
