GEM
  remote: https://rubygems.org/
  specs:
    cgi (0.3.2)
    coderay (1.1.3)
    diff-lcs (1.5.0)
    erb (2.2.3)
      cgi
    faraday (2.3.0)
      faraday-net_http (~> 2.0)
      ruby2_keywords (>= 0.0.4)
    faraday-net_http (2.0.3)
    jsonrpc-client (0.1.3)
      faraday
      multi_json (>= 1.1.0)
    method_source (1.0.0)
    multi_json (1.15.0)
    pry (0.14.1)
      coderay (~> 1.1)
      method_source (~> 1.0)
    rspec (3.11.0)
      rspec-core (~> 3.11.0)
      rspec-expectations (~> 3.11.0)
      rspec-mocks (~> 3.11.0)
    rspec-core (3.11.0)
      rspec-support (~> 3.11.0)
    rspec-expectations (3.11.0)
      diff-lcs (>= 1.2.0, < 2.0)
      rspec-support (~> 3.11.0)
    rspec-mocks (3.11.1)
      diff-lcs (>= 1.2.0, < 2.0)
      rspec-support (~> 3.11.0)
    rspec-support (3.11.0)
    ruby2_keywords (0.0.5)

PLATFORMS
  x86_64-linux

DEPENDENCIES
  erb
  jsonrpc-client
  pry
  rspec

BUNDLED WITH
   2.2.15
