GEM
  remote: https://rubygems.org/
  specs:
    faraday (1.3.0)
      faraday-net_http (~> 1.0)
      multipart-post (>= 1.2, < 3)
      ruby2_keywords
    faraday-net_http (1.0.1)
    jsonrpc-client (0.1.3)
      faraday
      multi_json (>= 1.1.0)
    multi_json (1.15.0)
    multipart-post (2.1.1)
    ruby2_keywords (0.0.4)

PLATFORMS
  ruby
  x86_64-linux

DEPENDENCIES
  jsonrpc-client

BUNDLED WITH
   2.2.16
